GIT
  remote: https://github.com/ontola/active_response
  revision: 6ca39fb81936c8fe0dc796949e3577a33b747f32
  branch: hash-arguments
  specs:
    active_response (0.0.3)
      railties

GEM
  remote: https://rubygems.org/
  specs:
    actioncable (6.1.4.1)
      actionpack (= 6.1.4.1)
      activesupport (= 6.1.4.1)
      nio4r (~> 2.0)
      websocket-driver (>= 0.6.1)
    actionmailbox (6.1.4.1)
      actionpack (= 6.1.4.1)
      activejob (= 6.1.4.1)
      activerecord (= 6.1.4.1)
      activestorage (= 6.1.4.1)
      activesupport (= 6.1.4.1)
      mail (>= 2.7.1)
    actionmailer (6.1.4.1)
      actionpack (= 6.1.4.1)
      actionview (= 6.1.4.1)
      activejob (= 6.1.4.1)
      activesupport (= 6.1.4.1)
      mail (~> 2.5, >= 2.5.4)
      rails-dom-testing (~> 2.0)
    actionpack (6.1.4.1)
      actionview (= 6.1.4.1)
      activesupport (= 6.1.4.1)
      rack (~> 2.0, >= 2.0.9)
      rack-test (>= 0.6.3)
      rails-dom-testing (~> 2.0)
      rails-html-sanitizer (~> 1.0, >= 1.2.0)
    actiontext (6.1.4.1)
      actionpack (= 6.1.4.1)
      activerecord (= 6.1.4.1)
      activestorage (= 6.1.4.1)
      activesupport (= 6.1.4.1)
      nokogiri (>= 1.8.5)
    actionview (6.1.4.1)
      activesupport (= 6.1.4.1)
      builder (~> 3.1)
      erubi (~> 1.4)
      rails-dom-testing (~> 2.0)
      rails-html-sanitizer (~> 1.1, >= 1.2.0)
    active_model_otp (2.3.1)
      activemodel
      rotp (~> 6.2.0)
    activejob (6.1.4.1)
      activesupport (= 6.1.4.1)
      globalid (>= 0.3.6)
    activemodel (6.1.4.1)
      activesupport (= 6.1.4.1)
    activerecord (6.1.4.1)
      activemodel (= 6.1.4.1)
      activesupport (= 6.1.4.1)
    activestorage (6.1.4.1)
      actionpack (= 6.1.4.1)
      activejob (= 6.1.4.1)
      activerecord (= 6.1.4.1)
      activesupport (= 6.1.4.1)
      marcel (~> 1.0.0)
      mini_mime (>= 1.1.0)
    activesupport (6.1.4.1)
      concurrent-ruby (~> 1.0, >= 1.0.2)
      i18n (>= 1.6, < 2)
      minitest (>= 5.1)
      tzinfo (~> 2.0)
      zeitwerk (~> 2.3)
    amazing_print (1.3.0)
    bcrypt (3.1.16)
    bootsnap (1.9.1)
      msgpack (~> 1.0)
    builder (3.2.4)
    byebug (11.1.3)
    chunky_png (1.4.0)
    concurrent-ruby (1.1.9)
    connection_pool (2.2.5)
    crass (1.0.6)
    devise (4.8.0)
      bcrypt (~> 3.0)
      orm_adapter (~> 0.1)
      railties (>= 4.1.0)
      responders
      warden (~> 1.2.3)
    doorkeeper (5.5.4)
      railties (>= 5)
    doorkeeper-jwt (0.4.0)
      jwt (~> 2.1)
    ebnf (2.2.1)
      amazing_print (~> 1.2)
      htmlentities (~> 4.3)
      rdf (~> 3.1)
      scanf (~> 1.0)
      sxp (~> 1.1)
      unicode-types (~> 1.6)
    erubi (1.10.0)
    ffi (1.15.4)
    globalid (0.5.2)
      activesupport (>= 5.0)
    hamster (3.0.0)
      concurrent-ruby (~> 1.0)
    htmlentities (4.3.4)
    i18n (1.8.11)
      concurrent-ruby (~> 1.0)
    jsonapi-serializer (2.2.0)
      activesupport (>= 4.2)
    jwt (2.3.0)
    kaminari-activerecord (1.2.1)
      activerecord
      kaminari-core (= 1.2.1)
    kaminari-core (1.2.1)
    link_header (0.0.8)
    linked_rails (0.0.4)
      active_response (~> 0.0.2)
      kaminari-activerecord
      pundit
      rdf
      rdf-serializers (~> 0.0.10)
      rdf-vocab
      uri_template
    linked_rails-auth (0.0.4)
      active_model_otp
      devise
      doorkeeper
      doorkeeper-jwt
      jwt
      rails
      rqrcode
    listen (3.7.0)
      rb-fsevent (~> 0.10, >= 0.10.3)
      rb-inotify (~> 0.9, >= 0.9.10)
    logger (1.4.3)
    loofah (2.12.0)
      crass (~> 1.0.2)
      nokogiri (>= 1.5.9)
    mail (2.7.1)
      mini_mime (>= 0.1.1)
    marcel (1.0.2)
    method_source (1.0.0)
    mini_mime (1.1.2)
    minitest (5.14.4)
    msgpack (1.4.2)
    net-http-persistent (4.0.1)
      connection_pool (~> 2.2)
    nio4r (2.5.8)
    nokogiri (1.12.5-x86_64-linux)
      racc (~> 1.4)
    oj (3.13.9)
    orm_adapter (0.5.0)
    puma (5.5.2)
      nio4r (~> 2.0)
    pundit (2.1.1)
      activesupport (>= 3.0.0)
    racc (1.6.0)
    rack (2.2.3)
    rack-test (1.1.0)
      rack (>= 1.0, < 3)
    rails (6.1.4.1)
      actioncable (= 6.1.4.1)
      actionmailbox (= 6.1.4.1)
      actionmailer (= 6.1.4.1)
      actionpack (= 6.1.4.1)
      actiontext (= 6.1.4.1)
      actionview (= 6.1.4.1)
      activejob (= 6.1.4.1)
      activemodel (= 6.1.4.1)
      activerecord (= 6.1.4.1)
      activestorage (= 6.1.4.1)
      activesupport (= 6.1.4.1)
      bundler (>= 1.15.0)
      railties (= 6.1.4.1)
      sprockets-rails (>= 2.0.0)
    rails-dom-testing (2.0.3)
      activesupport (>= 4.2.0)
      nokogiri (>= 1.6)
    rails-html-sanitizer (1.4.2)
      loofah (~> 2.3)
    railties (6.1.4.1)
      actionpack (= 6.1.4.1)
      activesupport (= 6.1.4.1)
      method_source
      rake (>= 0.13)
      thor (~> 1.0)
    rake (13.0.6)
    rb-fsevent (0.11.0)
    rb-inotify (0.10.1)
      ffi (~> 1.0)
    rdf (3.1.15)
      hamster (~> 3.0)
      link_header (~> 0.0, >= 0.0.8)
    rdf-aggregate-repo (3.1.0)
      rdf (~> 3.1)
    rdf-n3 (3.1.2)
      ebnf (~> 2.1)
      rdf (~> 3.1, >= 3.1.8)
      sparql (~> 3.1, >= 3.1.4)
      sxp (~> 1.1)
    rdf-serializers (0.0.11)
      jsonapi-serializer (>= 2.1.0)
      oj
      railties (>= 4.2.0, < 7)
      rdf (~> 3.0)
    rdf-vocab (3.1.14)
      rdf (~> 3.1, >= 3.1.12)
    rdf-xsd (3.1.1)
      rdf (~> 3.1)
      rexml (~> 3.2)
    responders (3.0.1)
      actionpack (>= 5.0)
      railties (>= 5.0)
    rexml (3.2.5)
    rotp (6.2.0)
    rqrcode (2.1.0)
      chunky_png (~> 1.0)
      rqrcode_core (~> 1.0)
    rqrcode_core (1.2.0)
    scanf (1.0.0)
    sparql (3.1.8)
      builder (~> 3.2)
      ebnf (~> 2.1)
      logger (~> 1.4)
      rdf (~> 3.1, >= 3.1.14)
      rdf-aggregate-repo (~> 3.1)
      rdf-xsd (~> 3.1)
      sparql-client (~> 3.1, >= 3.1.2)
      sxp (~> 1.1)
    sparql-client (3.1.2)
      net-http-persistent (~> 4.0, >= 4.0.1)
      rdf (~> 3.1)
    sprockets (4.0.2)
      concurrent-ruby (~> 1.0)
      rack (> 1, < 3)
    sprockets-rails (3.4.0)
      actionpack (>= 5.2)
      activesupport (>= 5.2)
      sprockets (>= 3.0.0)
    sqlite3 (1.4.2)
    sxp (1.1.0)
      rdf (~> 3.1)
    thor (1.1.0)
    tzinfo (2.0.4)
      concurrent-ruby (~> 1.0)
    unicode-types (1.7.0)
    uri_template (0.7.0)
    warden (1.2.9)
      rack (>= 2.0.9)
    websocket-driver (0.7.5)
      websocket-extensions (>= 0.1.0)
    websocket-extensions (0.1.5)
    zeitwerk (2.5.1)

PLATFORMS
  x86_64-linux

DEPENDENCIES
  active_response!
  bootsnap (>= 1.4.4)
  byebug
  linked_rails
  linked_rails-auth
  listen (~> 3.3)
  puma (~> 5.0)
  rails (~> 6.1.4, >= 6.1.4.1)
  rdf-n3
  rdf-serializers (~> 0.0.11)
  sqlite3 (~> 1.4)
  tzinfo-data

RUBY VERSION
   ruby 3.0.2p107

BUNDLED WITH
   2.2.22
